GEM
  remote: https://rubygems.org/
  specs:
    addressable (2.4.0)
    faraday (0.9.2)
      multipart-post (>= 1.2, < 3)
    koala (2.3.0)
      addressable
      faraday
      multi_json
    multi_json (1.12.1)
    multipart-post (2.0.0)

PLATFORMS
  ruby

DEPENDENCIES
  koala

RUBY VERSION
   ruby 2.3.1p112

BUNDLED WITH
   1.12.5
